GIT
  remote: git://github.com/chriseppstein/compass
  revision: 34159da9a92c97a59629b4ca23cc6f7412016379
  branch: master
  specs:
    compass (0.13.alpha.4.34159da)
      chunky_png (~> 1.2)
      listen (~> 1.0.0)
      sass (>= 3.2.5, < 3.4)

GIT
  remote: git://github.com/ericam/accoutrement
  revision: 92b0099dd21f0a2238bea582c2559dc71cdddd82
  branch: master
  specs:
    accoutrement (0.0.5)
      compass (>= 0.12.2)

GIT
  remote: git://github.com/ericam/susy
  revision: e31b53b64aec7f603f11f1d9edd68ed9a0aeb7c9
  branch: master
  specs:
    susy (1.0.9)
      compass (>= 0.12.2)
      sass (>= 3.2.0)

GEM
  remote: http://rubygems.org/
  specs:
    animate (0.2.beta.0)
      compass (>= 0.13.alpha.0)
      sass (>= 3.2.0)
    breakpoint (1.3)
      compass (>= 0.12.1)
      sass (>= 3.2.0)
    chunky_png (1.2.8)
    ffi (1.9.0)
    listen (1.0.3)
      rb-fsevent (>= 0.9.3)
      rb-inotify (>= 0.9)
      rb-kqueue (>= 0.2)
    modular-scale (1.0.6)
      compass (>= 0.12.1)
      sass (>= 3.2.0)
      sassy-math (>= 1.5)
    rb-fsevent (0.9.3)
    rb-inotify (0.9.0)
      ffi (>= 0.5.0)
    rb-kqueue (0.2.0)
      ffi (>= 0.5.0)
    sass (3.2.9)
    sassy-math (1.5)
      compass (~> 0.11)

PLATFORMS
  ruby

DEPENDENCIES
  accoutrement!
  animate (~> 0.2.beta.0)
  breakpoint (~> 1.3)
  chunky_png (~> 1.2.6)
  compass!
  modular-scale (~> 1.0.2)
  rb-fsevent (~> 0.9.2)
  sass (~> 3.2.3)
  susy!
